GEM
  specs:
    sass (3.4.15)

PLATFORMS
  ruby

DEPENDENCIES
  sass
